GIT
  remote: git://github.com/mitchellh/vagrant.git
  revision: dc0b17583899a5cf0096f7e50fc80eb286977946
  specs:
    vagrant (0.7.2.dev)
      archive-tar-minitar (= 0.5.2)
      erubis (~> 2.6.6)
      i18n (~> 0.5.0)
      json (~> 1.5.1)
      mario (~> 0.0.6)
      net-scp (~> 1.0.4)
      net-ssh (~> 2.1.0)
      thor (~> 0.14.6)
      virtualbox (~> 0.8.3)

PATH
  remote: .
  specs:
    veewee (0.1.0a)
      highline (~> 1.6.1)
      net-ssh (~> 2.1.0)
      popen4 (~> 0.1.2)
      thor (~> 0.14.6)
      vagrant (~> 0.7.0)

GEM
  remote: http://rubygems.org/
  specs:
    Platform (0.4.0)
    abstract (1.0.0)
    archive-tar-minitar (0.5.2)
    erubis (2.6.6)
      abstract (>= 1.0.0)
    ffi (0.6.3)
      rake (>= 0.8.7)
    highline (1.6.1)
    i18n (0.5.0)
    json (1.5.1)
    mario (0.0.6)
    net-scp (1.0.4)
      net-ssh (>= 1.99.1)
    net-ssh (2.1.0)
    open4 (1.0.1)
    popen4 (0.1.2)
      Platform (>= 0.4.0)
      open4 (>= 0.4.0)
    rake (0.8.7)
    thor (0.14.6)
    virtualbox (0.8.3)
      ffi (~> 0.6.3)

PLATFORMS
  ruby

DEPENDENCIES
  vagrant!
  veewee!
